PATH
  remote: .
  specs:
    ttml-ruby (0.5.0)
      nokogiri (= 1.14.1)
      optimist (= 3.0.1)

GEM
  remote: https://rubygems.org/
  specs:
    mini_portile2 (2.8.1)
    nokogiri (1.14.1)
      mini_portile2 (~> 2.8.0)
      racc (~> 1.4)
    optimist (3.0.1)
    power_assert (2.0.3)
    racc (1.6.2)
    rake (13.0.6)
    test-unit (3.5.7)
      power_assert

PLATFORMS
  ruby

DEPENDENCIES
  rake (= 13.0.6)
  test-unit (= 3.5.7)
  ttml-ruby!

BUNDLED WITH
   2.1.4
